GEM
  remote: http://rubygems.org/
  specs:
    ZenTest (4.7.0)
    autotest-growl (0.2.16)
    diff-lcs (1.1.3)
    rake (0.9.2.2)
    rspec (2.11.0)
      rspec-core (~> 2.11.0)
      rspec-expectations (~> 2.11.0)
      rspec-mocks (~> 2.11.0)
    rspec-core (2.11.0)
    rspec-expectations (2.11.1)
      diff-lcs (~> 1.1.3)
    rspec-mocks (2.11.0)

PLATFORMS
  ruby

DEPENDENCIES
  ZenTest
  autotest-growl
  rake
  rspec
